GEM
  remote: http://rubygems.org/
  specs:
    diff-lcs (1.1.2)
    echoe (4.3.1)
      gemcutter
      rubyforge
    gemcutter (0.6.1)
    json_pure (1.4.6)
    rake (0.8.7)
    rcov (0.9.9)
    rspec (1.3.0)
    rubyforge (2.0.4)
      json_pure (>= 1.1.7)

PLATFORMS
  ruby

DEPENDENCIES
  bundler (= 1.0.7)
  diff-lcs (= 1.1.2)
  echoe (= 4.3.1)
  rake (= 0.8.7)
  rcov (= 0.9.9)
  rspec (= 1.3.0)
