GEM
  remote: http://rubygems.org/
  specs:
    columnize (0.3.2)
    diff-lcs (1.1.2)
    echoe (4.3.1)
      gemcutter
      rubyforge
    gemcutter (0.6.1)
    json_pure (1.4.6)
    linecache (0.43)
    rake (0.8.7)
    rcov (0.9.9)
    rspec (1.3.0)
    ruby-debug (0.10.4)
      columnize (>= 0.1)
      ruby-debug-base (~> 0.10.4.0)
    ruby-debug-base (0.10.4)
      linecache (>= 0.3)
    rubyforge (2.0.4)
      json_pure (>= 1.1.7)
    yard (0.6.4)

PLATFORMS
  ruby

DEPENDENCIES
  bundler (= 1.0.7)
  diff-lcs (= 1.1.2)
  echoe (= 4.3.1)
  rake (= 0.8.7)
  rcov (= 0.9.9)
  rspec (= 1.3.0)
  ruby-debug (= 0.10.4)
  yard (= 0.6.4)
